PATH
  remote: .
  specs:
    stak (0.4.2)
      rack

GEM
  remote: https://rubygems.org/
  specs:
    power_assert (0.2.2)
    rack (1.6.0)
    rack-test (0.6.3)
      rack (>= 1.0)
    rake (10.4.2)
    test-unit (3.0.9)
      power_assert

PLATFORMS
  ruby

DEPENDENCIES
  bundler (~> 1.7)
  rack-test
  rake (~> 10.0)
  stak!
  test-unit
